PATH
  remote: .
  specs:
    async_storage (0.1.0)
      multi_json (> 0.0.0)
      redis (> 0.0.0)

GEM
  remote: https://rubygems.org/
  specs:
    connection_pool (2.2.3)
    diff-lcs (1.4.4)
    multi_json (1.15.0)
    rake (12.3.3)
    redis (4.2.2)
    rspec (3.10.0)
      rspec-core (~> 3.10.0)
      rspec-expectations (~> 3.10.0)
      rspec-mocks (~> 3.10.0)
    rspec-core (3.10.0)
      rspec-support (~> 3.10.0)
    rspec-expectations (3.10.0)
      diff-lcs (>= 1.2.0, < 2.0)
      rspec-support (~> 3.10.0)
    rspec-mocks (3.10.0)
      diff-lcs (>= 1.2.0, < 2.0)
      rspec-support (~> 3.10.0)
    rspec-support (3.10.0)

PLATFORMS
  ruby

DEPENDENCIES
  async_storage!
  connection_pool
  rake (~> 12.0)
  rspec (~> 3.0)

BUNDLED WITH
   2.1.4
