PATH
  remote: .
  specs:
    async_storage (0.0.3)
      multi_json (> 0.0.0)
      redis (> 0.0.0)

GEM
  remote: https://rubygems.org/
  specs:
    awesome_print (1.8.0)
    coderay (1.1.3)
    connection_pool (2.2.3)
    diff-lcs (1.4.4)
    dotenv (2.7.6)
    method_source (1.0.0)
    multi_json (1.15.0)
    pry (0.13.1)
      coderay (~> 1.1)
      method_source (~> 1.0)
    rake (12.3.3)
    redis (4.2.2)
    rspec (3.10.0)
      rspec-core (~> 3.10.0)
      rspec-expectations (~> 3.10.0)
      rspec-mocks (~> 3.10.0)
    rspec-core (3.10.0)
      rspec-support (~> 3.10.0)
    rspec-expectations (3.10.0)
      diff-lcs (>= 1.2.0, < 2.0)
      rspec-support (~> 3.10.0)
    rspec-mocks (3.10.0)
      diff-lcs (>= 1.2.0, < 2.0)
      rspec-support (~> 3.10.0)
    rspec-support (3.10.0)

PLATFORMS
  ruby

DEPENDENCIES
  async_storage!
  awesome_print (~> 1.8.0)
  connection_pool (~> 2.2.3)
  dotenv (~> 2.7.6)
  pry (~> 0.13.1)
  rake (~> 12.0)
  rspec (~> 3.0)

BUNDLED WITH
   2.1.4
